FRAMEWORK: NET40
NUGET
  remote: https://www.nuget.org/api/v2
    AjaxMin (5.14.5506.26202)
    Microsoft.Net.Compilers (1.3.2)
    Microsoft.PowerShell.5.ReferenceAssemblies (1.0)
    Newtonsoft.Json (9.0.1)
    SourceMapToolkit (1.0.20)
      AjaxMin (>= 5.14.5506.26202)
      Newtonsoft.Json (>= 9.0.1)
